PATH
  remote: .
  specs:
    shale-builder (0.3.0)
      booleans (>= 0.1)
      shale (< 2.0)
      sorbet-runtime (> 0.5)

GEM
  remote: https://rubygems.org/
  specs:
    ast (2.4.2)
    bigdecimal (3.2.3)
    booleans (0.1.1)
    byebug (11.1.3)
    erubi (1.12.0)
    json (2.6.3)
    minitest (5.17.0)
    netrc (0.11.0)
    parallel (1.22.1)
    parser (3.2.1.0)
      ast (~> 2.4.1)
    prism (0.29.0)
    rainbow (3.1.1)
    rake (13.0.6)
    rbi (0.1.13)
      prism (>= 0.18.0, < 1.0.0)
      sorbet-runtime (>= 0.5.9204)
    regexp_parser (2.7.0)
    rexml (3.2.5)
    rubocop (1.45.1)
      json (~> 2.3)
      parallel (~> 1.10)
      parser (>= 3.2.0.0)
      rainbow (>= 2.2.2, < 4.0)
      regexp_parser (>= 1.8, < 3.0)
      rexml (>= 3.2.5, < 4.0)
      rubocop-ast (>= 1.24.1, < 2.0)
      ruby-progressbar (~> 1.7)
      unicode-display_width (>= 2.4.0, < 3.0)
    rubocop-ast (1.26.0)
      parser (>= 3.2.1.0)
    rubocop-espago (1.0.2)
      rubocop
    ruby-progressbar (1.11.0)
    shale (1.2.2)
      bigdecimal
    shoulda-context (2.0.0)
    sorbet (0.5.11372)
      sorbet-static (= 0.5.11372)
    sorbet-runtime (0.5.11372)
    sorbet-static (0.5.11372-universal-darwin)
    sorbet-static (0.5.11372-x86_64-linux)
    sorbet-static-and-runtime (0.5.11372)
      sorbet (= 0.5.11372)
      sorbet-runtime (= 0.5.11372)
    spoom (1.3.2)
      erubi (>= 1.10.0)
      prism (>= 0.19.0)
      sorbet-static-and-runtime (>= 0.5.10187)
      thor (>= 0.19.2)
    tapioca (0.14.1)
      bundler (>= 2.2.25)
      netrc (>= 0.11.0)
      parallel (>= 1.21.0)
      rbi (>= 0.1.4, < 0.2)
      sorbet-static-and-runtime (>= 0.5.11087)
      spoom (>= 1.2.0)
      thor (>= 1.2.0)
      yard-sorbet
    thor (1.2.1)
    unicode-display_width (2.4.2)
    webrick (1.7.0)
    yard (0.9.28)
      webrick (~> 1.7.0)
    yard-sorbet (0.8.1)
      sorbet-runtime (>= 0.5)
      yard (>= 0.9)

PLATFORMS
  arm64-darwin-20
  arm64-darwin-22
  arm64-darwin-24
  x86_64-linux

DEPENDENCIES
  byebug (~> 11.1)
  minitest (~> 5.0)
  rake (~> 13.0)
  rubocop-espago (~> 1.0)
  shale-builder!
  shoulda-context (~> 2.0)
  sorbet (>= 0.5)
  tapioca (> 0.13)

BUNDLED WITH
   2.7.2
